GIT
  remote: git@github.com:srushe/indieauth-token-verification
  revision: 4396ba3e20b0b50d589c8b0b01e24404ccd083b5
  specs:
    indieauth-token-verification (0.2.0)

GEM
  remote: https://rubygems.org/
  specs:
    dotenv (2.7.5)
    mime-types (3.3.1)
      mime-types-data (~> 3.2015)
    mime-types-data (3.2019.1009)
    mustermann (1.0.3)
    rack (2.0.7)
    rack-protection (2.0.7)
      rack
    sinatra (2.0.7)
      mustermann (~> 1.0)
      rack (~> 2.0)
      rack-protection (= 2.0.7)
      tilt (~> 2.0)
    tilt (2.0.10)

PLATFORMS
  ruby

DEPENDENCIES
  dotenv
  indieauth-token-verification!
  mime-types
  sinatra

BUNDLED WITH
   1.16.3
